PATH
  remote: .
  specs:
    static_collection (0.3.2)
      activesupport (>= 4)

GEM
  remote: https://rubygems.org/
  specs:
    activesupport (7.0.7.2)
      concurrent-ruby (~> 1.0, >= 1.0.2)
      i18n (>= 1.6, < 2)
      minitest (>= 5.1)
      tzinfo (~> 2.0)
    ast (2.4.2)
    concurrent-ruby (1.2.2)
    diff-lcs (1.5.0)
    i18n (1.14.1)
      concurrent-ruby (~> 1.0)
    json (2.6.3)
    minitest (5.19.0)
    parallel (1.22.1)
    parser (3.2.0.0)
      ast (~> 2.4.1)
    rack (3.0.7)
    rainbow (3.1.1)
    rake (13.0.6)
    regexp_parser (2.6.2)
    rexml (3.2.5)
    rspec (3.12.0)
      rspec-core (~> 3.12.0)
      rspec-expectations (~> 3.12.0)
      rspec-mocks (~> 3.12.0)
    rspec-core (3.12.0)
      rspec-support (~> 3.12.0)
    rspec-expectations (3.12.2)
      diff-lcs (>= 1.2.0, < 2.0)
      rspec-support (~> 3.12.0)
    rspec-its (1.3.0)
      rspec-core (>= 3.0.0)
      rspec-expectations (>= 3.0.0)
    rspec-mocks (3.12.3)
      diff-lcs (>= 1.2.0, < 2.0)
      rspec-support (~> 3.12.0)
    rspec-support (3.12.0)
    rubocop (1.44.1)
      json (~> 2.3)
      parallel (~> 1.10)
      parser (>= 3.2.0.0)
      rainbow (>= 2.2.2, < 4.0)
      regexp_parser (>= 1.8, < 3.0)
      rexml (>= 3.2.5, < 4.0)
      rubocop-ast (>= 1.24.1, < 2.0)
      ruby-progressbar (~> 1.7)
      unicode-display_width (>= 2.4.0, < 3.0)
    rubocop-ast (1.24.1)
      parser (>= 3.1.1.0)
    rubocop-capybara (2.17.0)
      rubocop (~> 1.41)
    rubocop-performance (1.15.2)
      rubocop (>= 1.7.0, < 2.0)
      rubocop-ast (>= 0.4.0)
    rubocop-rails (2.17.4)
      activesupport (>= 4.2.0)
      rack (>= 1.1)
      rubocop (>= 1.33.0, < 2.0)
    rubocop-rspec (2.18.1)
      rubocop (~> 1.33)
      rubocop-capybara (~> 2.17)
    rubocop-vendor (0.8.10)
      rubocop (>= 0.53.0)
    ruby-progressbar (1.11.0)
    tzinfo (2.0.6)
      concurrent-ruby (~> 1.0)
    unicode-display_width (2.4.2)
    ws-style (6.14.4)
      rubocop (>= 1.36)
      rubocop-performance (>= 1.10.2)
      rubocop-rails (>= 2.9.1)
      rubocop-rspec (>= 2.2.0)
      rubocop-vendor (>= 0.6.0)

PLATFORMS
  ruby

DEPENDENCIES
  bundler (~> 2.0)
  rake (~> 13.0)
  rspec (~> 3.0)
  rspec-its (~> 1.2)
  rubocop (~> 1.2)
  static_collection!
  ws-style

BUNDLED WITH
   2.2.33
